GIT
  remote: https://github.com/chrisk/fakeweb.git
  revision: 2b08c1ff2714ec13a12f3497d67fcefce95c2cbe
  ref: 2b08c1f
  specs:
    fakeweb (1.3.0)

PATH
  remote: .
  specs:
    medusa (0.0.2)
      nokogiri (>= 1.3.0)
      robotex (>= 1.0.0)

GEM
  remote: https://rubygems.org/
  specs:
    bson (1.12.5)
    bson_ext (1.12.5)
      bson (~> 1.12.5)
    diff-lcs (1.3)
    mini_portile2 (2.4.0)
    nokogiri (1.10.7)
      mini_portile2 (~> 2.4.0)
    rake (13.0.1)
    rdoc (6.2.0)
    redis (4.1.3)
    robotex (1.0.0)
    rspec (3.9.0)
      rspec-core (~> 3.9.0)
      rspec-expectations (~> 3.9.0)
      rspec-mocks (~> 3.9.0)
    rspec-core (3.9.1)
      rspec-support (~> 3.9.1)
    rspec-expectations (3.9.0)
      diff-lcs (>= 1.2.0, < 2.0)
      rspec-support (~> 3.9.0)
    rspec-mocks (3.9.1)
      diff-lcs (>= 1.2.0, < 2.0)
      rspec-support (~> 3.9.0)
    rspec-support (3.9.2)

PLATFORMS
  ruby

DEPENDENCIES
  bson_ext (>= 1.3.1)
  fakeweb!
  medusa!
  rake (>= 0.9.2)
  rdoc (>= 3.12)
  redis (>= 2.2.0)
  rspec (~> 3)

BUNDLED WITH
   2.1.4
